GIT
  remote: https://github.com/disapprovaldog/buildkiterb.git
  revision: 6e46c86e874cfb34c420bc589e67cf75f36ae5c2
  branch: passparams
  specs:
    buildkiterb (1.0.1)
      faraday (~> 2.0)

GEM
  remote: https://rubygems.org/
  specs:
    ast (2.4.2)
    faraday (2.12.1)
      faraday-net_http (>= 2.0, < 3.5)
      json
      logger
    faraday-net_http (3.4.0)
      net-http (>= 0.5.0)
    json (2.9.0)
    language_server-protocol (3.17.0.3)
    lint_roller (1.1.0)
    logger (1.6.2)
    net-http (0.6.0)
      uri
    parallel (1.26.3)
    parser (3.3.6.0)
      ast (~> 2.4.1)
      racc
    racc (1.8.1)
    rainbow (3.1.1)
    regexp_parser (2.9.3)
    rubocop (1.68.0)
      json (~> 2.3)
      language_server-protocol (>= 3.17.0)
      parallel (~> 1.10)
      parser (>= 3.3.0.2)
      rainbow (>= 2.2.2, < 4.0)
      regexp_parser (>= 2.4, < 3.0)
      rubocop-ast (>= 1.32.2, < 2.0)
      ruby-progressbar (~> 1.7)
      unicode-display_width (>= 2.4.0, < 3.0)
    rubocop-ast (1.36.2)
      parser (>= 3.3.1.0)
    rubocop-performance (1.22.1)
      rubocop (>= 1.48.1, < 2.0)
      rubocop-ast (>= 1.31.1, < 2.0)
    ruby-progressbar (1.13.0)
    standard (1.42.1)
      language_server-protocol (~> 3.17.0.2)
      lint_roller (~> 1.0)
      rubocop (~> 1.68.0)
      standard-custom (~> 1.0.0)
      standard-performance (~> 1.5)
    standard-custom (1.0.2)
      lint_roller (~> 1.0)
      rubocop (~> 1.50)
    standard-performance (1.5.0)
      lint_roller (~> 1.1)
      rubocop-performance (~> 1.22.0)
    unicode-display_width (2.6.0)
    uri (1.0.2)

PLATFORMS
  arm64-darwin-24
  x64-mingw-ucrt

DEPENDENCIES
  buildkiterb!
  faraday
  standard

BUNDLED WITH
   2.5.16
