GEM
  remote: https://rubygems.org/
  specs:
    buildkiterb (1.0.1)
      faraday (~> 2.0)
    faraday (2.12.1)
      faraday-net_http (>= 2.0, < 3.5)
      json
      logger
    faraday-net_http (3.4.0)
      net-http (>= 0.5.0)
    json (2.8.2)
    logger (1.6.1)
    net-http (0.5.0)
      uri
    uri (1.0.2)

PLATFORMS
  x64-mingw-ucrt

DEPENDENCIES
  buildkiterb (~> 1.0.1)

BUNDLED WITH
   2.5.16
